GEM
  remote: https://rubygems.org/
  specs:
    autoprefixer-rails (6.7.7)
      execjs
    bootstrap (4.0.0.alpha6)
      autoprefixer-rails (>= 6.0.3)
      sass (>= 3.4.19)
    execjs (2.7.0)
    rack (1.6.0)
    rack-protection (1.5.3)
      rack
    sass (3.4.23)
    sinatra (1.4.6)
      rack (~> 1.4)
      rack-protection (~> 1.4)
      tilt (>= 1.3, < 3)
    tilt (2.0.1)

PLATFORMS
  ruby

DEPENDENCIES
  bootstrap (~> 4.0.0.alpha6)
  sinatra

BUNDLED WITH
   1.14.3
